GEM
  remote: http://gems.moovweb.org/
  specs:
    domain_name (0.5.2)
      unf (~> 0.0.3)
    fusion (0.0.5)
      mechanize
      open4
    manhattan_uploader (0.2.24)
      fusion (= 0.0.5)
    mechanize (2.3)
      domain_name (~> 0.5, >= 0.5.1)
      mime-types (~> 1.17, >= 1.17.2)
      net-http-digest_auth (~> 1.1, >= 1.1.1)
      net-http-persistent (~> 2.5, >= 2.5.2)
      nokogiri (~> 1.4)
      ntlm-http (~> 0.1, >= 0.1.1)
      webrobots (~> 0.0, >= 0.0.9)
    mime-types (1.17.2)
    net-http-digest_auth (1.2)
    net-http-persistent (2.5.2)
    nokogiri (1.5.0)
    ntlm-http (0.1.1)
    open4 (1.3.0)
    rake (0.9.2.2)
    rdiscount (1.6.8)
    unf (0.0.5)
      unf_ext
    unf_ext (0.0.4)
    webrobots (0.0.13)

PLATFORMS
  ruby

DEPENDENCIES
  fusion (= 0.0.5)
  manhattan_uploader (= 0.2.24)
  rake
  rdiscount
